GEM
  remote: https://rubygems.org/
  specs:
    addressable (2.8.7)
      public_suffix (>= 2.0.2, < 7.0)
    connection_pool (2.4.1)
    domain_name (0.5.20190701)
      unf (>= 0.0.5, < 1.0.0)
    expo-server-sdk (0.1.4)
      connection_pool (~> 2.2)
      http (>= 4.0, < 6.0)
    ffi (1.17.0-arm64-darwin)
    ffi-compiler (1.3.2)
      ffi (>= 1.15.5)
      rake
    http (5.1.0)
      addressable (~> 2.8)
      http-cookie (~> 1.0)
      http-form_data (~> 2.2)
      llhttp-ffi (~> 0.4.0)
    http-cookie (1.0.5)
      domain_name (~> 0.5)
    http-form_data (2.3.0)
    language_server-protocol (3.17.0.3)
    llhttp-ffi (0.4.0)
      ffi-compiler (~> 1.0)
      rake (~> 13.0)
    nokogiri (1.16.6-arm64-darwin)
      racc (~> 1.4)
    prettier_print (1.2.1)
    public_suffix (6.0.1)
    racc (1.8.1)
    rake (13.2.1)
    ruby-lsp (0.3.8)
      language_server-protocol (~> 3.17.0)
      sorbet-runtime
      syntax_tree (>= 5.0.0, < 6)
    sorbet-runtime (0.5.11520)
    syntax_tree (5.3.0)
      prettier_print (>= 1.2.0)
    unf (0.1.4)
      unf_ext
    unf_ext (0.0.9.1)

PLATFORMS
  arm64-darwin

DEPENDENCIES
  addressable (= 2.8.7)
  connection_pool (= 2.4.1)
  domain_name (= 0.5.20190701)
  expo-server-sdk (= 0.1.4)
  ffi (= 1.17.0)
  http (= 5.1.0)
  http-cookie (= 1.0.5)
  http-form_data (= 2.3.0)
  llhttp-ffi (= 0.4.0)
  nokogiri (= 1.16.6)
  public_suffix (= 6.0.1)
  rake (= 13.2.1)
  ruby-lsp (~> 0.3.6)
  unf (= 0.1.4)
  unf_ext (= 0.0.9.1)

BUNDLED WITH
   2.5.14
